GEM
  remote: http://rubygems.org/
  specs:
    curses (1.2.7)
    rake   (12.3.2)

PLATFORMS
  ruby

DEPENDENCIES
  curses (~> 1.2.7)
  rake   (~12.3.2)

BUNDLED WITH
   2.0.1
